GEM
  remote: https://rubygems.org/
  specs:
    caxlsx (4.1.0)
      htmlentities (~> 4.3, >= 4.3.4)
      marcel (~> 1.0)
      nokogiri (~> 1.10, >= 1.10.4)
      rubyzip (>= 1.3.0, < 3)
    debug (1.9.2)
      irb (~> 1.10)
      reline (>= 0.3.8)
    htmlentities (4.3.4)
    io-console (0.7.2)
    irb (1.14.0)
      rdoc (>= 4.0.0)
      reline (>= 0.4.2)
    marcel (1.0.4)
    mini_portile2 (2.8.7)
    nokogiri (1.16.7)
      mini_portile2 (~> 2.8.2)
      racc (~> 1.4)
    nokogiri (1.16.7-x86_64-linux)
      racc (~> 1.4)
    psych (5.1.2)
      stringio
    racc (1.8.1)
    rdoc (6.7.0)
      psych (>= 4.0.0)
    reline (0.5.10)
      io-console (~> 0.5)
    roo (2.10.1)
      nokogiri (~> 1)
      rubyzip (>= 1.3.0, < 3.0.0)
    rubyzip (2.3.2)
    stringio (3.1.1)

PLATFORMS
  ruby
  x86_64-linux

DEPENDENCIES
  caxlsx
  debug
  roo

BUNDLED WITH
   2.5.18
